{
	"EchoTime": 0.0092,
	"RepetitionTime": 0.025,
	"FlipAngle": 6,
	"MTState" : "Off",
	"Modality": "MR",
	"MagneticFieldStrength": 3,
	"Manufacturer": "Siemens",
	"ManufacturersModelName": "Prisma",
	"InstitutionName": "A_University_Hospital",
	"InstitutionalDepartmentName": "XXXXX",
	"InstitutionAddress": "Address",
	"DeviceSerialNumber": "00000",
	"StationName": "YYY00000",
	"BodyPartExamined": "BRAIN",
	"PatientPosition": "HFS",
	"SoftwareVersions": "syngo_MR_E11",
	"MRAcquisitionType": "3D",
	"SeriesDescription": "mfc_3dflash_PDw_GRAPPA4_PSN_488BW",
	"ProtocolName": "mfc_3dflash_PDw_GRAPPA4_PSN_488BW",
	"ScanningSequence": "RM",
	"SequenceVariant": "SP",
	"SequenceName": "fl3d_1i3d8",
	"ImageType": ["ORIGINAL", "PRIMARY", "M", "ND", "NORM"],
	"SeriesNumber": 14,
	"AcquisitionTime": "13:57:54.470000",
	"AcquisitionNumber": 1,
	"SliceThickness": 1,
	"SAR": 0.0146488,
	"EchoNumber": 5,
	"PartialFourier": 1,
	"BaseResolution": 256,
	"ShimSetting": [
		4942,
		-11469,
		-1373,
		509,
		-1,
		-213,
		61,
		118	],
	"TxRefAmp": 231.043,
	"PhaseResolution": 1,
	"ReceiveCoilName": "Head_32",
	"ReceiveCoilActiveElements": "HEA;HEP",
	"PulseSequenceDetails": "%CustomerSeq%_mfc_3dflash",
	"ConsistencyInfo": "N4_VE11C_LATEST_20160120",
	"PercentPhaseFOV": 87.5,
	"PhaseEncodingSteps": 223,
	"AcquisitionMatrixPE": 224,
	"ReconMatrixPE": 256,
	"ParallelReductionFactorInPlane": 4,
	"PixelBandwidth": 490,
	"DwellTime": 4e-06,
	"ImageOrientationPatientDICOM": [
		0,
		0.866025,
		-0.5,
		0,
		-0.5,
		-0.866025	],
	"InPlanePhaseEncodingDirectionDICOM": "ROW",
}
